{
	"ConversionSoftware": "dicm2nii.m 20180219",
	"SeriesNumber": 11,
	"SeriesDescription": "MB_Viscomp_SBRef",
	"ImageType": "ORIGINAL\\PRIMARY\\M\\ND\\MOSAIC",
	"Modality": "MR",
	"AcquisitionDateTime": "20171027160040.487500",
	"TotalReadoutTime": 0.03001507,
	"RepetitionTime": 0.785,
	"PhaseEncodingDirection": "j-",
	"EffectiveEchoSpacing": 0.0003450008,
	"EchoTime": 0.0348,
	"PatientName": "KeanLab\/NeuroMech-NM-C15",
	"PatientSex": "M",
	"PatientAge": "052Y",
	"PatientSize": 1.7780036,
	"PatientWeight": 77.110713,
	"PatientPosition": "HFS",
	"SliceThickness": 2.4000001,
	"FlipAngle": 55,
	"Manufacturer": "SIEMENS",
	"SoftwareVersion": "syngo MR B19",
	"MRAcquisitionType": "2D",
	"InstitutionName": "RUBIC",
	"InstitutionAddress": "Univeristy Ave. 197,Newark,North East,US,07102-1814",
	"DeviceSerialNumber": "35450",
	"ScanningSequence": "EP",
	"SequenceVariant": "SK\\SS",
	"ScanOptions": "FS",
	"SequenceName": "epfid2d1_88",
	"TaskName": "viscomp"
}
