{
	"ConversionSoftware": "dicm2nii.m 20180219",
	"SeriesNumber": 12,
	"SeriesDescription": "MB_Viscomp_4x_SBRef",
	"ImageType": "ORIGINAL\\PRIMARY\\M\\ND\\MOSAIC",
	"Modality": "MR",
	"AcquisitionDateTime": "20180309184047.432500",
	"TotalReadoutTime": 0.03001507,
	"RepetitionTime": 0.785,
	"PhaseEncodingDirection": "j-",
	"EffectiveEchoSpacing": 0.0003450008,
	"EchoTime": 0.0348,
	"PatientName": "KeaneLab\/03.09.2018-NM-C22",
	"PatientSex": "M",
	"PatientAge": "025Y",
	"PatientSize": 1.8796038,
	"PatientWeight": 93.44004,
	"PatientPosition": "HFS",
	"SliceThickness": 2.4000001,
	"FlipAngle": 55,
	"Manufacturer": "SIEMENS",
	"SoftwareVersion": "syngo MR B19",
	"MRAcquisitionType": "2D",
	"InstitutionName": "RUBIC",
	"InstitutionAddress": "Univeristy Ave. 197,Newark,North East,US,07102-1814",
	"DeviceSerialNumber": "35450",
	"ScanningSequence": "EP",
	"SequenceVariant": "SK\\SS",
	"ScanOptions": "FS",
	"SequenceName": "epfid2d1_88",
	"TaskName": "viscomp"
}
