{
	"ConversionSoftware": "dicm2nii.m 20190624",
	"SeriesNumber": 15,
	"SeriesDescription": "MB_Viscomp_4x",
	"ImageType": [
		"ORIGINAL",
		"PRIMARY",
		"M",
		"MB",
		"ND",
		"MOSAIC"
	],
	"Modality": "MR",
	"AcquisitionDateTime": "20180807184203.327500",
	"TotalReadoutTime": 0.032625033,
	"SliceTiming": [0,0.5525,0.315,0.08,0.63,0.395,0.1575,0.71,0.4725,0.2375,0,0.5525,0.315,0.08,0.63,0.395,0.1575,0.71,0.4725,0.2375,0,0.5525,0.315,0.08,0.63,0.395,0.1575,0.71,0.4725,0.2375,0,0.5525,0.315,0.08,0.63,0.395,0.1575,0.71,0.4725,0.2375,0,0.5525,0.315,0.08,0.63,0.395,0.1575,0.71,0.4725,0.2375,0,0.5525,0.315,0.08,0.63,0.395,0.1575,0.71,0.4725,0.2375],
	"RepetitionTime": 0.785,
	"PhaseEncodingDirection": "j-",
	"EffectiveEchoSpacing": 0.00037500038,
	"EchoTime": 0.0348,
	"PatientName": "KeaneLab\/08.07.18-NM-C26",
	"PatientSex": "Anon",
	"PatientAge": "Anon",
	"PatientSize": "Anon",
	"PatientWeight": "Anon",
	"PatientPosition": "HFS",
	"SliceThickness": 2.4000001,
	"FlipAngle": 55,
	"Manufacturer": "SIEMENS",
	"SoftwareVersion": "syngo MR B19",
	"MRAcquisitionType": "2D",
	"InstitutionName": "Anon",
	"InstitutionAddress": "Anon",
	"DeviceSerialNumber": "35450",
	"ScanningSequence": "EP",
	"SequenceVariant": "SK\\SS",
	"ScanOptions": "FS",
	"SequenceName": "epfid2d1_88",
	"TaskName": "viscomp"
}
