{
	"ConversionSoftware": "dicm2nii.m 20180219",
	"SeriesNumber": 14,
	"SeriesDescription": "MB_Viscomp_4x_SBRef",
	"ImageType": "ORIGINAL\\PRIMARY\\M\\ND\\MOSAIC",
	"Modality": "MR",
	"AcquisitionDateTime": "20180813160910.447500",
	"TotalReadoutTime": 0.032625033,
	"RepetitionTime": 0.785,
	"PhaseEncodingDirection": "j-",
	"EffectiveEchoSpacing": 0.00037500038,
	"EchoTime": 0.0348,
	"PatientName": "KeaneLab\/08.13.18-NM-C27",
	"PatientSex": "M",
	"PatientAge": "052Y",
	"PatientSize": 1.8288037,
	"PatientWeight": 94.800817,
	"PatientPosition": "HFS",
	"SliceThickness": 2.4000001,
	"FlipAngle": 55,
	"Manufacturer": "SIEMENS",
	"SoftwareVersion": "syngo MR B19",
	"MRAcquisitionType": "2D",
	"InstitutionName": "RUBIC",
	"InstitutionAddress": "Univeristy Ave. 197,Newark,North East,US,07102-1814",
	"DeviceSerialNumber": "35450",
	"ScanningSequence": "EP",
	"SequenceVariant": "SK\\SS",
	"ScanOptions": "FS",
	"SequenceName": "epfid2d1_88",
	"TaskName": "viscomp"
}
