{
	"ConversionSoftware":"dicm2nii.m 20180219",
	"SeriesNumber":44,
	"SeriesDescription":"MB_Resting",
	"ImageType":"ORIGINAL\\PRIMARY\\M\\MB\\ND\\MOSAIC",
	"Modality":"MR",
	"AcquisitionDateTime":"20170813172130.237500",
	"TotalReadoutTime":0.032625033,
	"SliceTiming":[0,0.55,0.315,0.0775,0.63,0.3925,0.1575,0.7075,0.4725,0.235,0,0.55,0.315,0.0775,0.63,0.3925,0.1575,0.7075,0.4725,0.235,0,0.55,0.315,0.0775,0.63,0.3925,0.1575,0.7075,0.4725,0.235,0,0.55,0.315,0.0775,0.63,0.3925,0.1575,0.7075,0.4725,0.235,0,0.55,0.315,0.0775,0.63,0.3925,0.1575,0.7075,0.4725,0.235,0,0.55,0.315,0.0775,0.63,0.3925,0.1575,0.7075,0.4725,0.235],
	"RepetitionTime":0.785,
	"PhaseEncodingDirection":"j-",
	"EffectiveEchoSpacing":0.00037500038,
	"EchoTime":0.0348,
	"PatientName":"Anon",
	"PatientSex":"Anon",
	"PatientAge":"Anon",
	"PatientSize":"Anon",
	"PatientWeight":"Anon",
	"PatientPosition":"HFS",
	"SliceThickness":2.4000001,
	"FlipAngle":55,
	"Manufacturer":"SIEMENS",
	"SoftwareVersion":"syngo MR B19",
	"MRAcquisitionType":"2D",
	"InstitutionName":"Anon",
	"InstitutionAddress":"Anon",
	"DeviceSerialNumber":"35450",
	"ScanningSequence":"EP",
	"SequenceVariant":"SK\\SS",
	"ScanOptions":"FS",
	"SequenceName":"epfid2d1_88",
	"TaskName":"rest"
}
