{
	"ConversionSoftware": "dicm2nii.m 20180219",
	"SeriesNumber": 27,
	"SeriesDescription": "cmrr_mbep2d_se_AP",
	"ImageType": "ORIGINAL\\PRIMARY\\M\\ND\\MOSAIC",
	"Modality": "MR",
	"AcquisitionDateTime": "20171128115036.532500",
	"TotalReadoutTime": 0.060030139,
	"SliceTiming": [4.59,0,4.7425,0.155,4.895,0.3075,5.0475,0.46,5.2,0.6125,5.3525,0.765,5.5075,0.9175,5.66,1.0725,5.8125,1.225,5.965,1.3775,6.1175,1.53,6.2725,1.6825,6.425,1.8375,6.5775,1.99,6.73,2.1425,6.8825,2.295,7.035,2.4475,7.19,2.6,7.3425,2.755,7.495,2.9075,7.6475,3.06,7.8,3.2125,7.9525,3.365,8.1075,3.5175,8.26,3.6725,8.4125,3.825,8.565,3.9775,8.7175,4.13,8.87,4.2825,9.025,4.435],
	"RepetitionTime": 9.14,
	"PhaseEncodingDirection": "j-",
	"EffectiveEchoSpacing": 0.0006900016,
	"EchoTime": 0.077,
	"PatientName": "KeaneLab\/NeuroMech-NM-C13",
	"PatientSex": "M",
	"PatientAge": "053Y",
	"PatientSize": 1.6256033,
	"PatientWeight": 71.667604,
	"PatientPosition": "HFS",
	"SliceThickness": 2.4000001,
	"FlipAngle": 90,
	"Manufacturer": "SIEMENS",
	"SoftwareVersion": "syngo MR B19",
	"MRAcquisitionType": "2D",
	"InstitutionName": "RUBIC",
	"InstitutionAddress": "Univeristy Ave. 197,Newark,North East,US,07102-1814",
	"DeviceSerialNumber": "35450",
	"ScanningSequence": "EP",
	"SequenceVariant": "SK",
	"ScanOptions": "FS",
	"SequenceName": "epse2d1_88",
	"IntendedFor": [
		"func\/sub-C13_task-rest_run-1_bold.nii.gz"
	]
}
