{
	"ConversionSoftware":"dicm2nii.m 20180808",
	"SeriesNumber":9,
	"SeriesDescription":"t2_spc_sag_p2_iso",
	"ImageType":[
		"ORIGINAL",
		"PRIMARY",
		"M",
		"ND",
		"NORM"
	],
	"Modality":"MR",
	"AcquisitionDateTime":"20171207102211.850000",
	"RepetitionTime":3.2,
	"PhaseEncodingDirection":"j-",
	"EchoTime1":0.565,
	"deltaTE":563,
	"EchoTime2":0.002,
	"PatientName":"Anon",
	"PatientSex":"Anon",
	"PatientAge":"Anon",
	"PatientSize":"Anon",
	"PatientWeight":"Anon",
	"PatientPosition":"HFS",
	"SliceThickness":0.82999998,
	"FlipAngle":120,
	"Manufacturer":"SIEMENS",
	"SoftwareVersion":"syngo MR B19",
	"MRAcquisitionType":"3D",
	"InstitutionName":"Anon",
	"InstitutionAddress":"Anon",
	"DeviceSerialNumber":"35450",
	"ScanningSequence":"SE",
	"SequenceVariant":"SK\\SP\\OSP",
	"ScanOptions":"PFP",
	"SequenceName":"*spc3d1_366ns",
	"Defaced":"True"
}
