{
	"ConversionSoftware": "dicm2nii.m 20180219",
	"SeriesNumber": 9,
	"SeriesDescription": "t2_spc_sag_p2_iso",
	"ImageType": "ORIGINAL\\PRIMARY\\M\\ND\\NORM",
	"Modality": "MR",
	"AcquisitionDateTime": "20180511170838.502500",
	"RepetitionTime": 3.2,
	"PhaseEncodingDirection": "j-",
	"EchoTime1": 0.566,
	"EchoTime2": 0.002,
	"PatientName": "KeaneLab\/05.11.18-NM-C23",
	"PatientSex": "F",
	"PatientAge": "046Y",
	"PatientSize": 1.7526035,
	"PatientWeight": 99.790334,
	"PatientPosition": "HFS",
	"SliceThickness": 0.82999998,
	"FlipAngle": 120,
	"Manufacturer": "SIEMENS",
	"SoftwareVersion": "syngo MR B19",
	"MRAcquisitionType": "3D",
	"InstitutionName": "RUBIC",
	"InstitutionAddress": "Univeristy Ave. 197,Newark,North East,US,07102-1814",
	"DeviceSerialNumber": "35450",
	"ScanningSequence": "SE",
	"SequenceVariant": "SK\\SP\\OSP",
	"ScanOptions": "PFP",
	"SequenceName": "*spc3d1_366ns"
}
