{
	"ConversionSoftware": "dicm2nii.m 20180219",
	"SeriesNumber": 6,
	"SeriesDescription": "t1_mpr_ns_sag_p2_iso_32Channel",
	"ImageType": "ORIGINAL\\PRIMARY\\M\\ND",
	"Modality": "MR",
	"AcquisitionDateTime": "20180309182124.795000",
	"RepetitionTime": 2.4,
	"PhaseEncodingDirection": "j-",
	"EchoTime": 0.00231,
	"InversionTime": 1,
	"PatientName": "KeaneLab/03.09.2018-NM-C22",
	"PatientSex": "M",
	"PatientAge": "025Y",
	"PatientSize": 1.8796038,
	"PatientWeight": 93.44004,
	"PatientPosition": "HFS",
	"SliceThickness": 0.80000001,
	"FlipAngle": 8,
	"Manufacturer": "SIEMENS",
	"SoftwareVersion": "syngo MR B19",
	"MRAcquisitionType": "3D",
	"InstitutionName": "RUBIC",
	"InstitutionAddress": "Univeristy Ave. 197,Newark,North East,US,07102-1814",
	"DeviceSerialNumber": "35450",
	"ScanningSequence": "GR\\IR",
	"SequenceVariant": "SP\\MP",
	"ScanOptions": "IR\\WE",
	"SequenceName": "*tfl3d1_ns"
}
