{
	"ConversionSoftware": "dicm2nii.m 20180219",
	"SeriesNumber": 9,
	"SeriesDescription": "t2_spc_sag_p2_iso",
	"ImageType": "ORIGINAL\\PRIMARY\\M\\ND\\NORM",
	"Modality": "MR",
	"AcquisitionDateTime": "20180813155440.460000",
	"RepetitionTime": 3.2,
	"PhaseEncodingDirection": "j-",
	"EchoTime1": 0.566,
	"EchoTime2": 0.002,
	"PatientName": "KeaneLab\/08.13.18-NM-C27",
	"PatientSex": "M",
	"PatientAge": "052Y",
	"PatientSize": 1.8288037,
	"PatientWeight": 94.800817,
	"PatientPosition": "HFS",
	"SliceThickness": 0.82999998,
	"FlipAngle": 120,
	"Manufacturer": "SIEMENS",
	"SoftwareVersion": "syngo MR B19",
	"MRAcquisitionType": "3D",
	"InstitutionName": "RUBIC",
	"InstitutionAddress": "Univeristy Ave. 197,Newark,North East,US,07102-1814",
	"DeviceSerialNumber": "35450",
	"ScanningSequence": "SE",
	"SequenceVariant": "SK\\SP\\OSP",
	"ScanOptions": "PFP",
	"SequenceName": "*spc3d1_366ns"
}
